GEM
  remote: http://rubygems.org/
  specs:
    crack (0.1.8)
    httparty (0.7.8)
      crack (= 0.1.8)
    json (1.5.3)
    progressbar (0.9.1)

PLATFORMS
  ruby

DEPENDENCIES
  httparty (= 0.7.8)
  json (= 1.5.3)
  progressbar
